GEM
  remote: https://rubygems.org/
  specs:
    actionmailer (2.3.18)
      actionpack (= 2.3.18)
    actionpack (2.3.18)
      activesupport (= 2.3.18)
      rack (~> 1.1.0)
    activerecord (2.3.18)
      activesupport (= 2.3.18)
    activeresource (2.3.18)
      activesupport (= 2.3.18)
    activesupport (2.3.18)
    babosa (0.3.10)
    friendly_id (3.2.1.1)
      babosa (~> 0.3.0)
    geokit (1.6.5)
      multi_json
    json (1.8.0)
    mini_magick (3.6.0)
      subexec (~> 0.2.1)
    multi_json (1.7.5)
    rack (1.1.6)
    rails (2.3.18)
      actionmailer (= 2.3.18)
      actionpack (= 2.3.18)
      activerecord (= 2.3.18)
      activeresource (= 2.3.18)
      activesupport (= 2.3.18)
      rake (>= 0.8.3)
    rake (10.0.4)
    rdoc (4.0.1)
      json (~> 1.4)
    recaptcha (0.3.1)
    sqlite3 (1.3.7)
    subexec (0.2.3)
    will_paginate (2.3.16)

PLATFORMS
  ruby

DEPENDENCIES
  friendly_id (< 3.3)
  geokit
  mini_magick
  rails (~> 2.3.18)
  rdoc
  recaptcha (= 0.3.1)
  sqlite3
  will_paginate (~> 2.3.11)
